PATH
  remote: .
  specs:
    expandsync (0.1.0)
      methadone (~> 1.3, >= 1.3.1)
      nokogiri (~> 1.6, >= 1.6.1)

GEM
  remote: https://rubygems.org/
  specs:
    aruba (0.5.4)
      childprocess (>= 0.3.6)
      cucumber (>= 1.1.1)
      rspec-expectations (>= 2.7.0)
    builder (3.2.2)
    childprocess (0.5.1)
      ffi (~> 1.0, >= 1.0.11)
    cucumber (1.3.11)
      builder (>= 2.1.2)
      diff-lcs (>= 1.1.3)
      gherkin (~> 2.12)
      multi_json (>= 1.7.5, < 2.0)
      multi_test (>= 0.0.2)
    diff-lcs (1.2.5)
    ffi (1.9.3)
    gherkin (2.12.2)
      multi_json (~> 1.3)
    methadone (1.3.2)
      bundler
    mini_portile (0.5.2)
    multi_json (1.9.0)
    multi_test (0.0.3)
    nokogiri (1.6.1)
      mini_portile (~> 0.5.0)
    rake (0.9.6)
    rspec-expectations (2.14.5)
      diff-lcs (>= 1.1.3, < 2.0)

PLATFORMS
  ruby

DEPENDENCIES
  aruba (~> 0)
  bundler
  expandsync!
  rake
